{
  "Modality": "MR",
  "MagneticFieldStrength": 3,
  "ImagingFrequency": 123.2628,
  "Manufacturer": "Siemens",
  "ManufacturersModelName": "MAGNETOM Vida",
  "BodyPartExamined": "HEAD",
  "PatientPosition": "HFS",
  "SoftwareVersions": "syngo MR XA31",
  "MRAcquisitionType": "3D",
  "SeriesDescription": "anat-T1w",
  "ProtocolName": "anat-T1w",
  "ScanningSequence": "GR\\IR",
  "SequenceVariant": "SK\\SP\\MP\\OSP",
  "ScanOptions": "IR\\WE",
  "PulseSequenceName": "*tfl3d1_224ns",
  "ImageType": [
    "ORIGINAL",
    "PRIMARY",
    "M",
    "NONE"
  ],
  "ImageTypeText": [
    "ORIGINAL",
    "PRIMARY",
    "M",
    "NORM",
    "DIS3D",
    "DIS2D"
  ],
  "NonlinearGradientCorrection": true,
  "AcquisitionTime": "13:24:40.357500",
  "AcquisitionNumber": 1,
  "SliceThickness": 0.9,
  "EchoTime": 0.00206,
  "RepetitionTime": 1.97,
  "MTState": false,
  "InversionTime": 1,
  "FlipAngle": 8,
  "PartialFourier": 1,
  "BaseResolution": 256,
  "ShimSetting": [
    -1195,
    2545,
    9326,
    165,
    -86,
    -1037,
    486,
    122
  ],
  "TxRefAmp": 332.848,
  "PhaseResolution": 1,
  "PhaseOversampling": 0.15,
  "ReceiveCoilName": "HeadNeck_64_CS",
  "ReceiveCoilActiveElements": "HC1-7;NC1",
  "CoilString": "HeadNeck_64_CS",
  "PulseSequenceDetails": "%SiemensSeq%\\tfl",
  "RefLinesPE": 24,
  "CoilCombinationMethod": "Adaptive Combine",
  "MatrixCoilMode": "GRAPPA",
  "PercentPhaseFOV": 100,
  "PercentSampling": 100,
  "PhaseEncodingSteps": 256,
  "FrequencyEncodingSteps": 256,
  "PhaseEncodingStepsOutOfPlane": 224,
  "AcquisitionMatrixPE": 295,
  "ReconMatrixPE": 256,
  "ParallelReductionFactorInPlane": 2,
  "ParallelAcquisitionTechnique": "GRAPPA",
  "AcquisitionDuration": 313.177,
  "PixelBandwidth": 230,
  "DwellTime": 8.5e-06,
  "ImageOrientationPatientDICOM": [
    -0.0106724,
    0.995466,
    -0.0945167,
    0.0411344,
    -0.094005,
    -0.994722
  ],
  "InPlanePhaseEncodingDirectionDICOM": "ROW",
  "ConversionSoftware": "dcm2niix",
  "ConversionSoftwareVersion": "v1.0.20230411"
}
